GEM
  remote: https://rubygems.org/
  specs:
    actioncable (6.1.7.9)
      actionpack (= 6.1.7.9)
      activesupport (= 6.1.7.9)
      nio4r (~> 2.0)
      websocket-driver (>= 0.6.1)
    actionmailbox (6.1.7.9)
      actionpack (= 6.1.7.9)
      activejob (= 6.1.7.9)
      activerecord (= 6.1.7.9)
      activestorage (= 6.1.7.9)
      activesupport (= 6.1.7.9)
      mail (>= 2.7.1)
    actionmailer (6.1.7.9)
      actionpack (= 6.1.7.9)
      actionview (= 6.1.7.9)
      activejob (= 6.1.7.9)
      activesupport (= 6.1.7.9)
      mail (~> 2.5, >= 2.5.4)
      rails-dom-testing (~> 2.0)
    actionpack (6.1.7.9)
      actionview (= 6.1.7.9)
      activesupport (= 6.1.7.9)
      rack (~> 2.0, >= 2.0.9)
      rack-test (>= 0.6.3)
      rails-dom-testing (~> 2.0)
      rails-html-sanitizer (~> 1.0, >= 1.2.0)
    actiontext (6.1.7.9)
      actionpack (= 6.1.7.9)
      activerecord (= 6.1.7.9)
      activestorage (= 6.1.7.9)
      activesupport (= 6.1.7.9)
      nokogiri (>= 1.8.5)
    actionview (6.1.7.9)
      activesupport (= 6.1.7.9)
      builder (~> 3.1)
      erubi (~> 1.4)
      rails-dom-testing (~> 2.0)
      rails-html-sanitizer (~> 1.1, >= 1.2.0)
    active_storage_validations (1.4.0)
      activejob (>= 6.1.4)
      activemodel (>= 6.1.4)
      activestorage (>= 6.1.4)
      activesupport (>= 6.1.4)
      marcel (>= 1.0.3)
    activejob (6.1.7.9)
      activesupport (= 6.1.7.9)
      globalid (>= 0.3.6)
    activemodel (6.1.7.9)
      activesupport (= 6.1.7.9)
    activerecord (6.1.7.9)
      activemodel (= 6.1.7.9)
      activesupport (= 6.1.7.9)
    activestorage (6.1.7.9)
      actionpack (= 6.1.7.9)
      activejob (= 6.1.7.9)
      activerecord (= 6.1.7.9)
      activesupport (= 6.1.7.9)
      marcel (~> 1.0)
      mini_mime (>= 1.1.0)
    activesupport (6.1.7.9)
      concurrent-ruby (~> 1.0, >= 1.0.2)
      i18n (>= 1.6, < 2)
      minitest (>= 5.1)
      tzinfo (~> 2.0)
      zeitwerk (~> 2.3)
    addressable (2.8.7)
      public_suffix (>= 2.0.2, < 7.0)
    aws-eventstream (1.3.0)
    aws-partitions (1.1030.0)
    aws-sdk-core (3.214.1)
      aws-eventstream (~> 1, >= 1.3.0)
      aws-partitions (~> 1, >= 1.992.0)
      aws-sigv4 (~> 1.9)
      jmespath (~> 1, >= 1.6.1)
    aws-sdk-kms (1.96.0)
      aws-sdk-core (~> 3, >= 3.210.0)
      aws-sigv4 (~> 1.5)
    aws-sdk-s3 (1.176.1)
      aws-sdk-core (~> 3, >= 3.210.0)
      aws-sdk-kms (~> 1)
      aws-sigv4 (~> 1.5)
    aws-sigv4 (1.10.1)
      aws-eventstream (~> 1, >= 1.0.2)
    babel-source (5.8.35)
    babel-transpiler (0.7.0)
      babel-source (>= 4.0, < 6)
      execjs (~> 2.0)
    base64 (0.2.0)
    bcrypt (3.1.20)
    bindex (0.8.1)
    bootsnap (1.12.0)
      msgpack (~> 1.2)
    builder (3.3.0)
    byebug (11.1.3)
    capybara (3.40.0)
      addressable
      matrix
      mini_mime (>= 0.1.3)
      nokogiri (~> 1.11)
      rack (>= 1.6.0)
      rack-test (>= 0.6.3)
      regexp_parser (>= 1.5, < 3.0)
      xpath (~> 3.2)
    concurrent-ruby (1.3.4)
    connection_pool (2.4.1)
    crass (1.0.6)
    cronex (0.15.0)
      tzinfo
      unicode (>= 0.4.4.5)
    cssbundling-rails (1.1.2)
      railties (>= 6.0.0)
    date (3.4.0)
    devise (4.7.3)
      bcrypt (~> 3.0)
      orm_adapter (~> 0.1)
      railties (>= 4.1.0)
      responders
      warden (~> 1.2.3)
    diff-lcs (1.5.1)
    erubi (1.13.0)
    et-orbi (1.2.11)
      tzinfo
    execjs (2.10.0)
    factory_bot (5.0.2)
      activesupport (>= 4.2.0)
    factory_bot_rails (5.0.2)
      factory_bot (~> 5.0.2)
      railties (>= 4.2.0)
    ffi (1.17.0)
    friendly_id (5.5.1)
      activerecord (>= 4.0.0)
    fugit (1.11.1)
      et-orbi (~> 1, >= 1.2.11)
      raabro (~> 1.4)
    globalid (1.2.1)
      activesupport (>= 6.1)
    httparty (0.21.0)
      mini_mime (>= 1.0.0)
      multi_xml (>= 0.5.2)
    i18n (1.14.6)
      concurrent-ruby (~> 1.0)
    i18n-js (3.9.2)
      i18n (>= 0.6.6)
    jbuilder (2.11.5)
      actionview (>= 5.0.0)
      activesupport (>= 5.0.0)
    jmespath (1.6.2)
    jsbundling-rails (1.1.1)
      railties (>= 6.0.0)
    json-schema (5.0.1)
      addressable (~> 2.8)
    kaminari (1.2.2)
      activesupport (>= 4.1.0)
      kaminari-actionview (= 1.2.2)
      kaminari-activerecord (= 1.2.2)
      kaminari-core (= 1.2.2)
    kaminari-actionview (1.2.2)
      actionview
      kaminari-core (= 1.2.2)
    kaminari-activerecord (1.2.2)
      activerecord
      kaminari-core (= 1.2.2)
    kaminari-core (1.2.2)
    liquid (5.5.1)
    listen (3.5.1)
      rb-fsevent (~> 0.10, >= 0.10.3)
      rb-inotify (~> 0.9, >= 0.9.10)
    logger (1.6.1)
    loofah (2.23.1)
      crass (~> 1.0.2)
      nokogiri (>= 1.12.0)
    mail (2.8.1)
      mini_mime (>= 0.1.1)
      net-imap
      net-pop
      net-smtp
    marcel (1.0.4)
    matrix (0.4.2)
    method_source (1.1.0)
    mini_mime (1.1.5)
    mini_portile2 (2.8.8)
    minitest (5.25.1)
    msgpack (1.7.5)
    multi_xml (0.6.0)
    net-imap (0.4.18)
      date
      net-protocol
    net-pop (0.1.2)
      net-protocol
    net-protocol (0.2.2)
      timeout
    net-smtp (0.5.0)
      net-protocol
    nio4r (2.7.4)
    nokogiri (1.16.8)
      mini_portile2 (~> 2.8.2)
      racc (~> 1.4)
    orm_adapter (0.5.0)
    pg (1.3.5)
    public_suffix (6.0.1)
    puma (5.6.9)
      nio4r (~> 2.0)
    pundit (2.2.0)
      activesupport (>= 3.0.0)
    raabro (1.4.0)
    racc (1.8.1)
    rack (2.2.10)
    rack-attack (6.7.0)
      rack (>= 1.0, < 4)
    rack-cors (2.0.2)
      rack (>= 2.0.0)
    rack-test (2.1.0)
      rack (>= 1.3)
    rails (6.1.7.9)
      actioncable (= 6.1.7.9)
      actionmailbox (= 6.1.7.9)
      actionmailer (= 6.1.7.9)
      actionpack (= 6.1.7.9)
      actiontext (= 6.1.7.9)
      actionview (= 6.1.7.9)
      activejob (= 6.1.7.9)
      activemodel (= 6.1.7.9)
      activerecord (= 6.1.7.9)
      activestorage (= 6.1.7.9)
      activesupport (= 6.1.7.9)
      bundler (>= 1.15.0)
      railties (= 6.1.7.9)
      sprockets-rails (>= 2.0.0)
    rails-dom-testing (2.2.0)
      activesupport (>= 5.0.0)
      minitest
      nokogiri (>= 1.6)
    rails-html-sanitizer (1.6.1)
      loofah (~> 2.21)
      nokogiri (>= 1.15.7, != 1.16.7, != 1.16.6, != 1.16.5, != 1.16.4, != 1.16.3, != 1.16.2, != 1.16.1, != 1.16.0.rc1, != 1.16.0)
    railties (6.1.7.9)
      actionpack (= 6.1.7.9)
      activesupport (= 6.1.7.9)
      method_source
      rake (>= 12.2)
      thor (~> 1.0)
    rake (13.2.1)
    rb-fsevent (0.11.2)
    rb-inotify (0.11.1)
      ffi (~> 1.0)
    react-rails (2.6.2)
      babel-transpiler (>= 0.7.0)
      connection_pool
      execjs
      railties (>= 3.2)
      tilt
    redis-client (0.22.2)
      connection_pool
    regexp_parser (2.9.2)
    responders (3.1.1)
      actionpack (>= 5.2)
      railties (>= 5.2)
    rexml (3.3.9)
    rspec-core (3.13.2)
      rspec-support (~> 3.13.0)
    rspec-expectations (3.13.3)
      diff-lcs (>= 1.2.0, < 2.0)
      rspec-support (~> 3.13.0)
    rspec-mocks (3.13.2)
      diff-lcs (>= 1.2.0, < 2.0)
      rspec-support (~> 3.13.0)
    rspec-rails (4.0.2)
      actionpack (>= 4.2)
      activesupport (>= 4.2)
      railties (>= 4.2)
      rspec-core (~> 3.10)
      rspec-expectations (~> 3.10)
      rspec-mocks (~> 3.10)
      rspec-support (~> 3.10)
    rspec-retry (0.6.2)
      rspec-core (> 3.3)
    rspec-support (3.13.1)
    rswag-api (2.15.0)
      activesupport (>= 5.2, < 8.0)
      railties (>= 5.2, < 8.0)
    rswag-specs (2.15.0)
      activesupport (>= 5.2, < 8.0)
      json-schema (>= 2.2, < 6.0)
      railties (>= 5.2, < 8.0)
      rspec-core (>= 2.14)
    rubyzip (2.3.2)
    selenium-webdriver (4.17.0)
      base64 (~> 0.2)
      rexml (~> 3.2, >= 3.2.5)
      rubyzip (>= 1.2.2, < 3.0)
      websocket (~> 1.0)
    sidekiq (7.3.5)
      connection_pool (>= 2.3.0)
      logger
      rack (>= 2.2.4)
      redis-client (>= 0.22.2)
    sidekiq-cron (2.0.1)
      cronex (>= 0.13.0)
      fugit (~> 1.8, >= 1.11.1)
      globalid (>= 1.0.1)
      sidekiq (>= 6.5.0)
    spring (2.1.1)
    spring-watcher-listen (2.0.1)
      listen (>= 2.7, < 4.0)
      spring (>= 1.2, < 3.0)
    sprockets (4.2.1)
      concurrent-ruby (~> 1.0)
      rack (>= 2.2.4, < 4)
    sprockets-rails (3.5.2)
      actionpack (>= 6.1)
      activesupport (>= 6.1)
      sprockets (>= 3.0.0)
    stripe (11.2.0)
    thor (1.3.2)
    tilt (2.4.0)
    timeout (0.4.2)
    turbolinks (5.2.1)
      turbolinks-source (~> 5.2)
    turbolinks-source (5.2.0)
    tzinfo (2.0.6)
      concurrent-ruby (~> 1.0)
    unicode (0.4.4.5)
    warden (1.2.9)
      rack (>= 2.0.9)
    web-console (4.2.1)
      actionview (>= 6.0.0)
      activemodel (>= 6.0.0)
      bindex (>= 0.4.0)
      railties (>= 6.0.0)
    websocket (1.2.11)
    websocket-driver (0.7.6)
      websocket-extensions (>= 0.1.0)
    websocket-extensions (0.1.5)
    xpath (3.2.0)
      nokogiri (~> 1.8)
    zeitwerk (2.6.18)

PLATFORMS
  ruby

DEPENDENCIES
  active_storage_validations (= 1.4)
  aws-sdk-s3 (= 1.176.1)
  bootsnap (= 1.12.0)
  byebug
  capybara (= 3.40.0)
  cssbundling-rails (= 1.1.2)
  devise (= 4.7.3)
  factory_bot_rails (= 5.0.2)
  friendly_id (= 5.5.1)
  httparty (= 0.21.0)
  i18n-js (= 3.9.2)
  jbuilder (= 2.11.5)
  jsbundling-rails (= 1.1.1)
  kaminari (= 1.2.2)
  liquid (= 5.5.1)
  listen (= 3.5.1)
  pg (= 1.3.5)
  puma (= 5.6.9)
  pundit (= 2.2.0)
  rack-attack (= 6.7.0)
  rack-cors (= 2.0.2)
  rails (= 6.1.7.9)
  rake (= 13.2.1)
  react-rails (= 2.6.2)
  rspec-rails (= 4.0.2)
  rspec-retry (= 0.6.2)
  rswag-api (= 2.15.0)
  rswag-specs (= 2.15.0)
  selenium-webdriver (= 4.17.0)
  sidekiq (= 7.3.5)
  sidekiq-cron (= 2.0.1)
  spring (= 2.1.1)
  spring-watcher-listen (= 2.0.1)
  stripe (= 11.2.0)
  turbolinks (= 5.2.1)
  tzinfo-data
  web-console (>= 3.3.0)

RUBY VERSION
   ruby 3.0.6p216

BUNDLED WITH
   2.3.0
